PATH
  remote: .
  specs:
    domain_name_validator (0.5)

GEM
  remote: http://rubygems.org/
  specs:
    diff-lcs (1.2.4)
    rspec (2.13.0)
      rspec-core (~> 2.13.0)
      rspec-expectations (~> 2.13.0)
      rspec-mocks (~> 2.13.0)
    rspec-core (2.13.1)
    rspec-expectations (2.13.0)
      diff-lcs (>= 1.1.3, < 2.0)
    rspec-mocks (2.13.1)

PLATFORMS
  arm64-darwin-23
  x86-mingw32

DEPENDENCIES
  domain_name_validator!
  rspec

BUNDLED WITH
   2.5.14
